GIT
  remote: git://github.com/concord-consortium/capybara-testrunner.git
  revision: 914eaccf7acc8ace8391b9a9352259e45b2ad880
  branch: gem
  specs:
    sc-testdriver (0.1.1)
      capybara
      daemon_controller
      selenium-client

GIT
  remote: git://github.com/knowuh/resource_squasher.git
  revision: c146e3d74974822a0c77fb49c1c979ebefcc7cff
  specs:
    resource_squasher (0.0.2)
      bundler
      rake
      thor

GEM
  remote: http://rubygems.org/
  specs:
    abstract (1.0.0)
    builder (3.0.0)
    capybara (0.4.1.2)
      celerity (>= 0.7.9)
      culerity (>= 0.2.4)
      mime-types (>= 1.16)
      nokogiri (>= 1.3.3)
      rack (>= 1.0.0)
      rack-test (>= 0.5.4)
      selenium-webdriver (>= 0.0.27)
      xpath (~> 0.1.3)
    celerity (0.8.9)
    childprocess (0.1.8)
      ffi (~> 1.0.6)
    ci_reporter (1.6.4)
      builder (>= 2.1.2)
    cucumber (1.0.2)
      builder (>= 2.1.2)
      diff-lcs (>= 1.1.2)
      gherkin (~> 2.4.5)
      json (>= 1.4.6)
      term-ansicolor (>= 1.0.5)
    culerity (0.2.15)
    daemon_controller (0.2.6)
    daemons (1.1.3)
    diff-lcs (1.1.2)
    erubis (2.6.6)
      abstract (>= 1.0.0)
    eventmachine (0.12.10)
    extlib (0.9.15)
    ffi (1.0.7)
      rake (>= 0.8.7)
    gherkin (2.4.5)
      json (>= 1.4.6)
    json (1.5.3)
    json_pure (1.4.6)
    lebowski (0.3.2)
      rspec (~> 2.1.0)
      rspec (~> 2.1.0)
      selenium-client (~> 1.2.18)
      selenium-client (~> 1.2.18)
    mime-types (1.16)
    nokogiri (1.4.4)
    rack (1.2.2)
    rack-test (0.5.7)
      rack (>= 1.0)
    rake (0.8.7)
    rspec (2.1.0)
      rspec-core (~> 2.1.0)
      rspec-expectations (~> 2.1.0)
      rspec-mocks (~> 2.1.0)
    rspec-core (2.1.0)
    rspec-expectations (2.1.0)
      diff-lcs (~> 1.1.2)
    rspec-mocks (2.1.0)
    rubyzip (0.9.4)
    selenium-client (1.2.18)
    selenium-webdriver (0.2.0)
      childprocess (>= 0.1.7)
      ffi (>= 1.0.7)
      json_pure
      rubyzip
    sproutcore (1.4.5)
      erubis (~> 2.6.6)
      eventmachine (>= 0.12.10)
      extlib (~> 0.9.15)
      json_pure (~> 1.4.6)
      rack (~> 1.2.1)
      thin (~> 1.2.7)
      thor (~> 0.14.3)
    term-ansicolor (1.0.6)
    thin (1.2.11)
      daemons (>= 1.0.9)
      eventmachine (>= 0.12.6)
      rack (>= 1.0.0)
    thor (0.14.6)
    trollop (1.16.2)
    xpath (0.1.4)
      nokogiri (~> 1.3)

PLATFORMS
  ruby

DEPENDENCIES
  capybara
  ci_reporter
  cucumber
  daemon_controller
  lebowski
  rake
  resource_squasher!
  sc-testdriver (= 0.1.1)!
  sproutcore (~> 1.4.5)
  trollop
