GIT
  remote: git://github.com/knowuh/resource_squasher.git
  revision: a79d33fa99dc967074e6a3a90cbe4b42ec452aa6
  specs:
    resource_squasher (0.0.2)
      bundler
      rake
      thor

GEM
  remote: http://rubygems.org/
  specs:
    abstract (1.0.0)
    builder (3.0.0)
    capybara (0.4.1.2)
      celerity (>= 0.7.9)
      culerity (>= 0.2.4)
      mime-types (>= 1.16)
      nokogiri (>= 1.3.3)
      rack (>= 1.0.0)
      rack-test (>= 0.5.4)
      selenium-webdriver (>= 0.0.27)
      xpath (~> 0.1.3)
    celerity (0.8.9)
    childprocess (0.1.8)
      ffi (~> 1.0.6)
    ci_reporter (1.6.4)
      builder (>= 2.1.2)
    culerity (0.2.15)
    daemon_controller (0.2.6)
    daemons (1.1.2)
    diff-lcs (1.1.2)
    erubis (2.6.6)
      abstract (>= 1.0.0)
    eventmachine (0.12.10)
    extlib (0.9.15)
    ffi (1.0.7)
      rake (>= 0.8.7)
    json_pure (1.4.6)
    lebowski (0.3.2)
      rspec (~> 2.1.0)
      rspec (~> 2.1.0)
      selenium-client (~> 1.2.18)
      selenium-client (~> 1.2.18)
    mime-types (1.16)
    nokogiri (1.4.4)
    rack (1.2.2)
    rack-test (0.5.7)
      rack (>= 1.0)
    rake (0.8.7)
    rspec (2.1.0)
      rspec-core (~> 2.1.0)
      rspec-expectations (~> 2.1.0)
      rspec-mocks (~> 2.1.0)
    rspec-core (2.1.0)
    rspec-expectations (2.1.0)
      diff-lcs (~> 1.1.2)
    rspec-mocks (2.1.0)
    rubyzip (0.9.4)
    selenium-client (1.2.18)
    selenium-webdriver (0.1.4)
      childprocess (>= 0.1.7)
      ffi (>= 1.0.7)
      json_pure
      rubyzip
    sproutcore (1.4.5)
      erubis (~> 2.6.6)
      eventmachine (>= 0.12.10)
      extlib (~> 0.9.15)
      json_pure (~> 1.4.6)
      rack (~> 1.2.1)
      thin (~> 1.2.7)
      thor (~> 0.14.3)
    thin (1.2.11)
      daemons (>= 1.0.9)
      eventmachine (>= 0.12.6)
      rack (>= 1.0.0)
    thor (0.14.6)
    xpath (0.1.3)
      nokogiri (~> 1.3)

PLATFORMS
  ruby

DEPENDENCIES
  capybara
  ci_reporter
  daemon_controller
  lebowski
  rack
  rake
  resource_squasher!
  rubyzip
  sproutcore (~> 1.4.5)
  thin (> 1.2.7)
  thor
